PATH
  remote: .
  specs:
    allure_turnip (0.4.0)
      allure-ruby-adaptor-api (= 0.7.0)
      rspec (~> 3.7)
      turnip (~> 4.0)

GEM
  remote: https://rubygems.org/
  specs:
    allure-ruby-adaptor-api (0.7.0)
      mimemagic
      nokogiri (~> 1.7)
      uuid
    c21e (1.1.9)
    cucumber-messages (2.1.2)
      google-protobuf (>= 3.2, <= 3.7)
    diff-lcs (1.3)
    gherkin (6.0.17)
      c21e (~> 1.1.9)
      cucumber-messages (~> 2.1.2)
    google-protobuf (3.7.0)
    macaddr (1.7.2)
      systemu (~> 2.6.5)
    mimemagic (0.3.3)
    mini_portile2 (2.4.0)
    nokogiri (1.10.3)
      mini_portile2 (~> 2.4.0)
    rake (10.4.2)
    rspec (3.8.0)
      rspec-core (~> 3.8.0)
      rspec-expectations (~> 3.8.0)
      rspec-mocks (~> 3.8.0)
    rspec-core (3.8.2)
      rspec-support (~> 3.8.0)
    rspec-expectations (3.8.4)
      diff-lcs (>= 1.2.0, < 2.0)
      rspec-support (~> 3.8.0)
    rspec-mocks (3.8.1)
      diff-lcs (>= 1.2.0, < 2.0)
      rspec-support (~> 3.8.0)
    rspec-support (3.8.2)
    systemu (2.6.5)
    turnip (4.0.1)
      gherkin (~> 6.0.17)
      rspec (>= 3.0, < 4.0)
    uuid (2.3.9)
      macaddr (~> 1.0)

PLATFORMS
  ruby

DEPENDENCIES
  allure_turnip!
  bundler
  rake

BUNDLED WITH
   2.0.1
