PATH
  remote: .
  specs:
    allure_turnip (0.1.0)
      allure-ruby-adaptor-api (= 0.7.0)
      rspec (~> 3.5)
      turnip (~> 3.0)

GEM
  remote: https://rubygems.org/
  specs:
    allure-ruby-adaptor-api (0.7.0)
      mimemagic
      nokogiri (~> 1.7)
      uuid
    diff-lcs (1.3)
    gherkin (5.1.0)
    macaddr (1.7.1)
      systemu (~> 2.6.2)
    mimemagic (0.3.3)
    mini_portile2 (2.4.0)
    nokogiri (1.10.1)
      mini_portile2 (~> 2.4.0)
    rake (10.4.2)
    rspec (3.8.0)
      rspec-core (~> 3.8.0)
      rspec-expectations (~> 3.8.0)
      rspec-mocks (~> 3.8.0)
    rspec-core (3.8.0)
      rspec-support (~> 3.8.0)
    rspec-expectations (3.8.2)
      diff-lcs (>= 1.2.0, < 2.0)
      rspec-support (~> 3.8.0)
    rspec-mocks (3.8.0)
      diff-lcs (>= 1.2.0, < 2.0)
      rspec-support (~> 3.8.0)
    rspec-support (3.8.0)
    systemu (2.6.5)
    turnip (3.1.0)
      gherkin (~> 5.0)
      rspec (>= 3.0, < 4.0)
    uuid (2.3.9)
      macaddr (~> 1.0)

PLATFORMS
  ruby

DEPENDENCIES
  allure_turnip!
  bundler
  rake

BUNDLED WITH
   2.0.1
